GEM
  remote: http://rubygems.org/
  specs:
    gmetric (0.1.3)
    json (1.8.1)
    kgio (2.9.2)
    mcollective-client (2.6.1)
      json
      stomp
      systemu
    rack (1.5.2)
    rack-protection (1.5.3)
      rack
    raindrops (0.13.0)
    sinatra (1.4.5)
      rack (~> 1.4)
      rack-protection (~> 1.4)
      tilt (~> 1.3, >= 1.3.4)
    slugify (1.0.5)
    stomp (1.3.3)
    systemu (2.6.4)
    tilt (1.4.1)
    unicorn (4.8.3)
      kgio (~> 2.6)
      rack
      raindrops (~> 0.7)

PLATFORMS
  ruby

DEPENDENCIES
  gmetric
  mcollective-client
  sinatra
  slugify
  unicorn
